GEM
  remote: https://rubygems.org/
  specs:
    concurrent-ruby (1.1.3)
    finite_machine (0.12.0)
      concurrent-ruby (~> 1.0)

PLATFORMS
  ruby

DEPENDENCIES
  finite_machine!

BUNDLED WITH
   1.17.1
